GEM
  remote: https://rubygems.org/
  specs:
    activemodel (4.0.1)
      activesupport (= 4.0.1)
      builder (~> 3.1.0)
    activesupport (4.0.1)
      i18n (~> 0.6, >= 0.6.4)
      minitest (~> 4.2)
      multi_json (~> 1.3)
      thread_safe (~> 0.1)
      tzinfo (~> 0.3.37)
    atomic (1.1.14)
    bitstamp (0.2.8)
      activemodel (>= 3.1)
      activesupport (>= 3.1)
      curb (> 0.8.1)
    btce (0.1.10)
      monkey-patch
    builder (3.1.4)
    curb (0.8.5)
    faraday (0.8.8)
      multipart-post (~> 1.2.0)
    i18n (0.6.5)
    json (1.8.1)
    minitest (4.7.5)
    monkey-patch (0.0.9)
      activesupport
    mtgox (1.1.0)
      faraday (~> 0.8, < 0.10)
      json (~> 1.7, >= 1.7.7)
    multi_json (1.8.2)
    multipart-post (1.2.0)
    thread_safe (0.1.3)
      atomic
    tzinfo (0.3.38)

PLATFORMS
  ruby

DEPENDENCIES
  bitstamp
  btce
  mtgox
